GIT
  remote: git://github.com/cowboyd/therubyracer.git
  revision: 466a1f0d4f696acfe971899272359623ec0a7a97
  specs:
    therubyracer (0.12.3)
      libv8 (~> 3.16.14.15)
      ref

GIT
  remote: git://github.com/ddfreyne/d-mark.git
  revision: 9633d2e0be08c1f59348907eec121893e6f70498
  specs:
    d-mark (1.0.0a3)

GIT
  remote: git://github.com/ddfreyne/rainpress.git
  revision: 4962654ba6103fc9a17183d22caa61fda91f9851
  specs:
    rainpress (1.0)

GEM
  remote: https://rubygems.org/
  specs:
    adsf (1.2.1)
      rack (>= 1.0.0)
    builder (3.2.2)
    coderay (1.1.1)
    colored (1.2)
    concurrent-ruby (1.0.4)
    cri (2.7.1)
      colored (~> 1.2)
    ffi (1.9.14)
    ffi-aspell (1.1.0)
      ffi
    formatador (0.2.5)
    guard (2.14.0)
      formatador (>= 0.2.4)
      listen (>= 2.7, < 4.0)
      lumberjack (~> 1.0)
      nenv (~> 0.1)
      notiffany (~> 0.0)
      pry (>= 0.9.12)
      shellany (~> 0.0)
      thor (>= 0.18.1)
    guard-compat (1.2.1)
    guard-nanoc (2.1.1)
      guard (~> 2.8)
      guard-compat (~> 1.0)
      nanoc (>= 4.3.8, < 5.0)
    haml (4.0.7)
      tilt
    hamster (3.0.0)
      concurrent-ruby (~> 1.0)
    htmlcompressor (0.3.1)
    json (2.0.2)
    kramdown (1.13.1)
    libv8 (3.16.14.17)
    listen (3.1.5)
      rb-fsevent (~> 0.9, >= 0.9.4)
      rb-inotify (~> 0.9, >= 0.9.7)
      ruby_dep (~> 1.2)
    lumberjack (1.0.10)
    method_source (0.8.2)
    mini_portile2 (2.1.0)
    nanoc (4.4.7)
      cri (~> 2.3)
      hamster (~> 3.0)
      ref (~> 2.0)
    nanoc-git (1.0.1)
      nanoc (>= 3.7.0, < 5.0.0)
    nenv (0.3.0)
    nokogiri (1.7.0.1)
      mini_portile2 (~> 2.1.0)
    notiffany (0.1.1)
      nenv (~> 0.1)
      shellany (~> 0.0)
    pry (0.10.4)
      coderay (~> 1.1.0)
      method_source (~> 0.8.1)
      slop (~> 3.4)
    rack (2.0.1)
    rake (12.0.0)
    rb-fsevent (0.9.8)
    rb-inotify (0.9.7)
      ffi (>= 0.5.0)
    ref (2.0.0)
    ruby_dep (1.5.0)
    rubypants (0.6.0)
    sass (3.4.23)
    sassc (1.11.1)
      bundler
      ffi (~> 1.9.6)
      sass (>= 3.3.0)
    shellany (0.0.1)
    slop (3.6.0)
    stackprof (0.2.10)
    susy (2.2.12)
      sass (>= 3.3.0, < 3.5)
    systemu (2.6.5)
    terminal-notifier-guard (1.7.0)
    thor (0.19.4)
    tilt (2.0.5)
    w3c_validators (1.3.1)
      json (~> 2.0)
      nokogiri (~> 1.6)
    warning (0.10.0)

PLATFORMS
  ruby

DEPENDENCIES
  adsf
  builder
  coderay
  d-mark!
  ffi-aspell
  guard-nanoc
  haml
  htmlcompressor
  kramdown
  nanoc (~> 4.2)
  nanoc-git
  nokogiri
  rainpress!
  rake
  rubypants
  sassc (~> 1.11)
  stackprof
  susy (~> 2.2)
  systemu
  terminal-notifier-guard
  therubyracer!
  w3c_validators
  warning

BUNDLED WITH
   1.13.7
